PATH
  remote: .
  specs:
    mr_systematic (0.1.0)
      bibtex-ruby (~> 4.4, >= 4.4.7)

GEM
  remote: https://rubygems.org/
  specs:
    bibtex-ruby (4.4.7)
      latex-decode (~> 0.0)
    diff-lcs (1.3)
    latex-decode (0.3.1)
    rake (10.5.0)
    rspec (3.8.0)
      rspec-core (~> 3.8.0)
      rspec-expectations (~> 3.8.0)
      rspec-mocks (~> 3.8.0)
    rspec-core (3.8.0)
      rspec-support (~> 3.8.0)
    rspec-expectations (3.8.3)
      diff-lcs (>= 1.2.0, < 2.0)
      rspec-support (~> 3.8.0)
    rspec-mocks (3.8.0)
      diff-lcs (>= 1.2.0, < 2.0)
      rspec-support (~> 3.8.0)
    rspec-support (3.8.0)

PLATFORMS
  ruby

DEPENDENCIES
  bundler (~> 1.17)
  mr_systematic!
  rake (~> 10.0)
  rspec (~> 3.0)

BUNDLED WITH
   1.17.1
